GEM
  remote: https://rubygems.org/
  specs:
    dropbox-sdk (1.6.5)
      json
    evernote-thrift (1.25.1)
    evernote_oauth (0.2.3)
      evernote-thrift
      oauth (>= 0.4.1)
    hiredis (0.6.0)
    json (1.8.3)
    memot (0.1.0)
      dropbox-sdk
      evernote_oauth
      hiredis
      redcarpet
      redis
    oauth (0.4.7)
    redcarpet (3.3.3)
    redis (3.2.1)

PLATFORMS
  ruby

DEPENDENCIES
  memot (= 0.1.0)

BUNDLED WITH
   1.10.6
